PATH
  remote: .
  specs:
    koki_test (0.1.0)

GEM
  remote: https://rubygems.org/
  specs:
    rake (13.0.1)

PLATFORMS
  ruby

DEPENDENCIES
  bundler (~> 1.17)
  koki_test!
  rake (~> 13.0)

BUNDLED WITH
   1.17.2
